PATH
  remote: .
  specs:
    activerecord-database-views (0.1.2)

GEM
  remote: https://rubygems.org/
  specs:

PLATFORMS
  ruby

DEPENDENCIES
  activerecord-database-views!

BUNDLED WITH
   1.10.6
